GEM
  remote: https://rubygems.org/
  specs:
    addressable (2.3.8)
    json (1.8.3)
    mini_portile (0.6.2)
    nokogiri (1.6.6.2-x64-mingw32)
      mini_portile (~> 0.6.0)
    open_uri_redirections (0.2.1)

PLATFORMS
  x64-mingw32

DEPENDENCIES
  addressable
  json
  nokogiri
  open_uri_redirections

BUNDLED WITH
   1.10.1
